GEM
  remote: https://rubygems.org/
  specs:
    bmg (0.21.0)
      path (>= 2.0)
      predicate (>= 2.7.1, < 3.0)
    diff-lcs (1.5.0)
    minitest (5.20.0)
    multi_json (1.15.0)
    mustache (1.1.1)
    mustache-sinatra (2.0.0)
      mustache (~> 1.0)
    mustermann (3.0.0)
      ruby2_keywords (~> 0.0.1)
    path (2.1.0)
    predicate (2.8.0)
      minitest (>= 5.0)
      sexpr (~> 1.1)
    rack (2.2.8)
    rack-protection (3.1.0)
      rack (~> 2.2, >= 2.2.4)
    rack-test (2.1.0)
      rack (>= 1.3)
    rake (13.0.6)
    rspec (3.12.0)
      rspec-core (~> 3.12.0)
      rspec-expectations (~> 3.12.0)
      rspec-mocks (~> 3.12.0)
    rspec-core (3.12.2)
      rspec-support (~> 3.12.0)
    rspec-expectations (3.12.3)
      diff-lcs (>= 1.2.0, < 2.0)
      rspec-support (~> 3.12.0)
    rspec-mocks (3.12.6)
      diff-lcs (>= 1.2.0, < 2.0)
      rspec-support (~> 3.12.0)
    rspec-support (3.12.1)
    ruby2_keywords (0.0.5)
    sexpr (1.1.0)
    sinatra (3.1.0)
      mustermann (~> 3.0)
      rack (~> 2.2, >= 2.2.4)
      rack-protection (= 3.1.0)
      tilt (~> 2.0)
    sinatra-contrib (3.1.0)
      multi_json
      mustermann (~> 3.0)
      rack-protection (= 3.1.0)
      sinatra (= 3.1.0)
      tilt (~> 2.0)
    sinatra-reloader (1.0)
      sinatra-contrib
    tilt (2.2.0)
    zeitwerk (2.6.11)

PLATFORMS
  universal-darwin-21

DEPENDENCIES
  bmg
  mustache
  mustache-sinatra
  path
  rack-test
  rake
  rspec
  sinatra
  sinatra-reloader
  zeitwerk

BUNDLED WITH
   2.2.16
